PATH
  remote: .
  specs:
    locomotivecms_liquid_extensions (1.0.0)
      pony (~> 1.5)

PATH
  remote: ../../gems/liquid
  specs:
    locomotivecms-liquid (2.6.0)

PATH
  remote: ../../gems/solid
  specs:
    locomotivecms-solid (0.2.2.1)
      locomotivecms-liquid (~> 2.6.0)

GEM
  remote: http://rubygems.org/
  specs:
    activesupport (3.2.14)
      i18n (~> 0.6, >= 0.6.4)
      multi_json (~> 1.0)
    diff-lcs (1.2.4)
    i18n (0.6.5)
    mail (2.5.4)
      mime-types (~> 1.16)
      treetop (~> 1.4.8)
    metaclass (0.0.1)
    mime-types (1.25)
    mocha (0.13.3)
      metaclass (~> 0.0.1)
    multi_json (1.7.9)
    polyglot (0.3.3)
    pony (1.5.1)
      mail (>= 2.0)
    rake (10.1.0)
    rspec (2.14.1)
      rspec-core (~> 2.14.0)
      rspec-expectations (~> 2.14.0)
      rspec-mocks (~> 2.14.0)
    rspec-core (2.14.5)
    rspec-expectations (2.14.2)
      diff-lcs (>= 1.1.3, < 2.0)
    rspec-mocks (2.14.3)
    treetop (1.4.15)
      polyglot
      polyglot (>= 0.3.1)

PLATFORMS
  ruby

DEPENDENCIES
  activesupport (~> 3)
  locomotivecms-liquid!
  locomotivecms-solid!
  locomotivecms_liquid_extensions!
  mocha
  rake
  rspec
